PATH
  remote: /Users/andrewkerrigan/src/ruby/mongo-ruby-driver
  specs:
    bson (1.9.2)
    mongo (1.9.2)
      bson (~> 1.9.2)

GEM
  remote: https://rubygems.org/
  specs:

PLATFORMS
  ruby

DEPENDENCIES
  mongo!
